GEM
  remote: https://rubygems.org/
  specs:
    erubi (1.9.0)
    nio4r (2.5.2)
    pg (0.18.4)
    puma (4.3.1)
      nio4r (~> 2.0)
    rack (2.2.3)
    rack-unreloader (1.7.0)
    roda (3.28.0)
      rack
    sequel (5.28.0)
    tilt (2.0.10)

PLATFORMS
  ruby

DEPENDENCIES
  erubi
  pg (~> 0.18.1)
  puma
  rack-unreloader
  roda
  sequel
  tilt

BUNDLED WITH
   1.17.2
